GEM
  remote: https://rubygems.org/
  specs:
    base64 (0.2.0)
    basic_yahoo_finance (0.5.1)
      net-http-persistent (~> 4.0, >= 4.0.2)
    connection_pool (2.4.1)
    multi_json (1.15.0)
    mustermann (3.0.0)
      ruby2_keywords (~> 0.0.1)
    net-http-persistent (4.0.2)
      connection_pool (~> 2.2)
    nio4r (2.7.0)
    puma (6.4.2)
      nio4r (~> 2.0)
    rack (2.2.8)
    rack-protection (3.2.0)
      base64 (>= 0.1.0)
      rack (~> 2.2, >= 2.2.4)
    ruby2_keywords (0.0.5)
    sinatra (3.2.0)
      mustermann (~> 3.0)
      rack (~> 2.2, >= 2.2.4)
      rack-protection (= 3.2.0)
      tilt (~> 2.0)
    sinatra-cache (0.3.7)
      sinatra (>= 1.1.0)
      sinatra-outputbuffer (>= 0.1.0)
    sinatra-contrib (3.2.0)
      multi_json (>= 0.0.2)
      mustermann (~> 3.0)
      rack-protection (= 3.2.0)
      sinatra (= 3.2.0)
      tilt (~> 2.0)
    sinatra-outputbuffer (0.1.0)
      sinatra (>= 1.0.a)
    tilt (2.3.0)

PLATFORMS
  universal-darwin-21
  x86_64-linux

DEPENDENCIES
  basic_yahoo_finance
  puma
  sinatra
  sinatra-cache
  sinatra-contrib

BUNDLED WITH
   2.2.32
